PATH
  remote: .
  specs:
    alterant (0.0.1)
      colorize (~> 0.8)
      diffy (~> 3.2)
      json (~> 1.4)
      jsonpath (~> 0.9)
      mini_racer (~> 0.2)
      thor (~> 0.20)

GEM
  remote: https://rubygems.org/
  specs:
    colorize (0.8.1)
    diffy (3.2.1)
    ffi (1.9.25)
    json (1.8.6)
    jsonpath (0.9.4)
      multi_json
      to_regexp (~> 0.2.1)
    libv8 (6.7.288.46.1)
    listen (3.1.5)
      rb-fsevent (~> 0.9, >= 0.9.4)
      rb-inotify (~> 0.9, >= 0.9.7)
      ruby_dep (~> 1.2)
    mini_racer (0.2.3)
      libv8 (>= 6.3)
    multi_json (1.13.1)
    rake (10.5.0)
    rb-fsevent (0.10.3)
    rb-inotify (0.9.10)
      ffi (>= 0.5.0, < 2)
    rerun (0.13.0)
      listen (~> 3.0)
    ruby_dep (1.5.0)
    thor (0.20.0)
    to_regexp (0.2.1)

PLATFORMS
  ruby

DEPENDENCIES
  alterant!
  bundler (~> 1.14)
  rake (~> 10.0)
  rerun (~> 0.13)

BUNDLED WITH
   1.16.6
